GIT
  remote: git://github.com/opscode/test-kitchen.git
  revision: e6bf51e944866f8b693cd5196e4ce5d470943992
  branch: 1.0
  specs:
    test-kitchen (1.0.0.dev)
      celluloid
      mixlib-shellout
      net-scp
      net-ssh
      pry
      safe_yaml
      thor

GEM
  remote: https://rubygems.org/
  specs:
    celluloid (0.13.0)
      timers (>= 1.0.0)
    coderay (1.0.9)
    kitchen-lxc (0.0.1.beta1)
      test-kitchen (>= 1.0.0.alpha.0)
    method_source (0.8.1)
    mixlib-shellout (1.1.0)
    net-scp (1.1.0)
      net-ssh (>= 2.6.5)
    net-ssh (2.6.6)
    pry (0.9.12)
      coderay (~> 1.0.5)
      method_source (~> 0.8)
      slop (~> 3.4)
    safe_yaml (0.9.0)
    slop (3.4.4)
    thor (0.17.0)
    timers (1.1.0)

PLATFORMS
  ruby

DEPENDENCIES
  kitchen-lxc
  test-kitchen!
